GEM
  remote: https://rubygems.org/
  specs:
    breakpoint (2.5.0)
      sass (~> 3.3)
      sassy-maps (< 1.0.0)
    brevis (0.2.9)
      compass (>= 1.0)
      sass (>= 3.4)
    chunky_png (1.3.4)
    compass (1.0.3)
      chunky_png (~> 1.2)
      compass-core (~> 1.0.2)
      compass-import-once (~> 1.0.5)
      rb-fsevent (>= 0.9.3)
      rb-inotify (>= 0.9)
      sass (>= 3.3.13, < 3.5)
    compass-core (1.0.3)
      multi_json (~> 1.0)
      sass (>= 3.3.0, < 3.5)
    compass-import-once (1.0.5)
      sass (>= 3.2, < 3.5)
    compass-validator (3.0.1)
    ffi (1.9.8)
    modular-scale (2.0.6)
      compass (>= 0.12.0)
    multi_json (1.11.0)
    oily_png (1.1.2)
      chunky_png (~> 1.3.1)
    rb-fsevent (0.9.4)
    rb-inotify (0.9.5)
      ffi (>= 0.5.0)
    sass (3.4.13)
    sassy-maps (0.4.0)
      sass (~> 3.3)
    singularity-extras (1.0.0)
      modular-scale (~> 2.0)
      singularitygs (~> 1.2)
    singularitygs (1.5.1)
      breakpoint (~> 2.4)
      sass (~> 3.3)
    toolkit (2.7.0)
      sass (~> 3.3)

PLATFORMS
  ruby

DEPENDENCIES
  breakpoint (~> 2.5.0)
  brevis (~> 0.2.9)
  chunky_png
  compass (~> 1.0.1)
  compass-validator
  oily_png
  sass (~> 3.4.10)
  singularity-extras (~> 1.0.0)
  singularitygs (~> 1.5.1)
  toolkit (~> 2.7.0)
